PATH
  remote: .
  specs:
    grater (0.1.5)
      sass (>= 3.2.0)

GEM
  remote: https://rubygems.org/
  specs:
    rake (10.0.3)
    sass (3.2.11)

PLATFORMS
  ruby

DEPENDENCIES
  grater!
  rake
